NUGET
  remote: https://www.nuget.org/api/v2
    FAKE (4.46.1)
    FParsec (1.0.2)
    FSharp.Core (4.0.0.1)
    NUnit (3.5)
    NUnit.ConsoleRunner (3.5)
GITHUB
  remote: nunit/nunit-transforms
    nunit3-junit/nunit3-junit.xslt (2a7c74198375b4b280ff3e79033c3d44e3083850)