NUGET
  remote: https://www.nuget.org/api/v2
    FAKE (4.46.1)
    FParsec (1.0.2)
    FSharp.Core (4.0.0.1)
    NUnit (3.5)
    NUnit.ConsoleRunner (3.5)
